GEM
  remote: https://rubygems.org/
  specs:
    hologram (1.4.0)
      redcarpet (>= 2.2, < 4.0)
      rouge (>= 1.5)
    redcarpet (3.5.0)
    rouge (3.16.0)

PLATFORMS
  ruby

DEPENDENCIES
  hologram

BUNDLED WITH
   1.17.2
